GEM
  remote: http://rubygems.org/
  specs:
    git (1.2.5)

PLATFORMS
  ruby

DEPENDENCIES
  git (= 1.2.5)
